PATH
  remote: .
  specs:
    hn_title_generator (0.1.0)

GEM
  remote: https://rubygems.org/
  specs:

PLATFORMS
  ruby

DEPENDENCIES
  hn_title_generator!
