PATH
  remote: .
  specs:
    markov_news (0.1.0)
      marky_markov

GEM
  remote: https://rubygems.org/
  specs:
    marky_markov (0.3.5)
      msgpack
    msgpack (0.5.11)

PLATFORMS
  ruby

DEPENDENCIES
  markov_news!
