PATH
  remote: .
  specs:
    hn_title_generator (0.2.0)

GEM
  remote: https://rubygems.org/
  specs:
    rack (1.6.0)

PLATFORMS
  ruby

DEPENDENCIES
  hn_title_generator!
  rack
